GIT
  remote: git://github.com/livingsocial/rake-pipeline.git
  revision: 50b8d77b703c96539a433ee53a680c43542aaa75
  specs:
    rake-pipeline (0.8.0)
      json
      rake (~> 0.9.0)
      thor

GIT
  remote: git://github.com/rtomayko/tilt.git
  revision: 9a474c5dd9c3d37ff441cfcfe65932fd795acb7a
  branch: encodings
  specs:
    tilt (1.3.3)

GIT
  remote: git://github.com/wycats/rake-pipeline-web-filters.git
  revision: 1a6dc173776b188836aa2ce2ac35b61c7f7daafe
  specs:
    rake-pipeline-web-filters (0.6.0)
      rack
      rake-pipeline (~> 0.6)

GEM
  remote: https://rubygems.org/
  specs:
    chunky_png (1.2.6)
    coffee-script (2.2.0)
      coffee-script-source
      execjs
    coffee-script-source (1.4.0)
    compass (0.12.2)
      chunky_png (~> 1.2)
      fssm (>= 0.2.7)
      sass (~> 3.1)
    execjs (1.4.0)
      multi_json (~> 1.0)
    fssm (0.2.9)
    haml (3.1.7)
    json (1.7.6)
    multi_json (1.5.0)
    rack (1.4.1)
    rake (0.9.6)
    sass (3.2.5)
    thor (0.16.0)

PLATFORMS
  ruby

DEPENDENCIES
  coffee-script
  compass
  haml
  rake-pipeline!
  rake-pipeline-web-filters!
  tilt!
