GIT
  remote: git://github.com/livingsocial/rake-pipeline.git
  revision: 9008ba072c7a97f4c730e779358e8a0ad7b8d194
  specs:
    rake-pipeline (0.6.0)
      rake (~> 0.9.0)
      thor

GIT
  remote: git://github.com/rtomayko/tilt.git
  revision: 9a474c5dd9c3d37ff441cfcfe65932fd795acb7a
  branch: encodings
  specs:
    tilt (1.3.3)

GIT
  remote: git://github.com/wycats/rake-pipeline-web-filters.git
  revision: 51915f60889fbf54fc2e81b86b594bf4c7be4ea5
  specs:
    rake-pipeline-web-filters (0.6.0)
      rack
      rake-pipeline (~> 0.6)

GEM
  remote: https://rubygems.org/
  specs:
    chunky_png (1.2.6)
    coffee-script (2.2.0)
      coffee-script-source
      execjs
    coffee-script-source (1.3.3)
    compass (0.12.2)
      chunky_png (~> 1.2)
      fssm (>= 0.2.7)
      sass (~> 3.1)
    execjs (1.4.0)
      multi_json (~> 1.0)
    fssm (0.2.9)
    haml (3.1.6)
    multi_json (1.3.6)
    rack (1.4.1)
    rake (0.9.2.2)
    sass (3.1.20)
    thor (0.15.4)

PLATFORMS
  ruby

DEPENDENCIES
  coffee-script
  compass
  haml
  rake-pipeline!
  rake-pipeline-web-filters!
  tilt!
